GEM
  remote: https://rubygems.org/
  specs:
    bgg-api (0.0.2)
      httparty
      xml-simple
    crass (1.0.2)
    dotenv (2.0.1)
    eventmachine (1.0.7)
    faraday (0.9.1)
      multipart-post (>= 1.2, < 3)
    faye-websocket (0.9.2)
      eventmachine (>= 0.12.0)
      websocket-driver (>= 0.5.1)
    http_router (0.11.1)
      rack (>= 1.0.0)
      url_mount (~> 0.2.1)
    httparty (0.13.5)
      json (~> 1.8)
      multi_xml (>= 0.5.2)
    i18n (0.7.0)
    ice_nine (0.11.1)
    json (1.8.3)
    lita (4.3.2)
      bundler (>= 1.3)
      faraday (>= 0.8.7)
      http_router (>= 0.11.1)
      i18n (>= 0.6.9)
      ice_nine (>= 0.11.0)
      multi_json (>= 1.7.7)
      puma (>= 2.7.1)
      rack (>= 1.5.2)
      rb-readline (>= 0.5.1)
      redis-namespace (>= 1.3.0)
      thor (>= 0.18.1)
    lita-applause (0.0.2)
      lita (>= 4.0)
    lita-boardgamegeek (0.1.0)
      bgg-api (= 0.0.2)
      lita (>= 4.3)
    lita-catfacts (0.0.4)
      lita (>= 2.3)
    lita-chm (0.0.1)
      lita (>= 3.2.0)
      nokogiri
    lita-dice (0.0.1)
      lita (>= 2.7)
    lita-dogebomb (1.0.0)
      lita (>= 2.0)
    lita-down-for-everyone (0.0.3)
      lita
    lita-eightball (1.0.4)
      lita (>= 2.0)
    lita-excuses (0.0.6)
      lita (>= 2.2)
      nokogiri
    lita-fortune (0.0.3)
      lita (>= 2.0)
    lita-github-status (0.1.0)
      lita (>= 4.3)
    lita-goforit (0.1.0)
      lita (>= 4.3)
    lita-google (1.1.0)
      lita (>= 4.0)
    lita-google-images (2.0.0)
      lita (>= 4.0)
    lita-hal-9000 (0.1.1)
      lita (>= 4.0)
    lita-howdoi (0.0.3)
      lita (>= 4.2)
      nokogiri
    lita-rimshot (0.1.1)
      lita (>= 3.0.0)
    lita-rules (0.0.1)
      lita (>= 3.0)
    lita-shipit (0.0.1)
      lita (>= 4.0)
    lita-slack (1.4.0)
      eventmachine
      faraday
      faye-websocket (>= 0.8.0)
      lita (>= 4.0.4)
      multi_json
    lita-snack (0.1.0)
      lita (>= 4.3)
    lita-vader (0.2.0)
      lita (>= 4.2)
    lita-wikipedia (0.0.4)
      lita (>= 3.1)
      nokogiri (>= 1.6.6)
      sanitize (>= 3.1.2)
    lita-xkcd (0.0.5)
      lita (>= 2.2)
    mini_portile (0.6.2)
    multi_json (1.11.0)
    multi_xml (0.5.5)
    multipart-post (2.0.0)
    nokogiri (1.6.6.2)
      mini_portile (~> 0.6.0)
    nokogumbo (1.4.1)
      nokogiri
    puma (2.11.2)
      rack (>= 1.1, < 2.0)
    rack (1.6.1)
    rb-readline (0.5.2)
    redis (3.2.1)
    redis-namespace (1.5.2)
      redis (~> 3.0, >= 3.0.4)
    sanitize (4.0.0)
      crass (~> 1.0.2)
      nokogiri (>= 1.4.4)
      nokogumbo (= 1.4.1)
    thor (0.19.1)
    url_mount (0.2.1)
      rack
    websocket-driver (0.5.4)
      websocket-extensions (>= 0.1.0)
    websocket-extensions (0.1.2)
    xml-simple (1.1.5)

PLATFORMS
  ruby

DEPENDENCIES
  dotenv
  lita
  lita-applause
  lita-boardgamegeek
  lita-catfacts
  lita-chm
  lita-dice
  lita-dogebomb
  lita-down-for-everyone
  lita-eightball
  lita-excuses
  lita-fortune
  lita-github-status
  lita-goforit
  lita-google
  lita-google-images
  lita-hal-9000
  lita-howdoi
  lita-rimshot
  lita-rules
  lita-shipit
  lita-slack
  lita-snack
  lita-vader
  lita-wikipedia
  lita-xkcd
